GIT
  remote: https://git.thape.com.cn/Eric-Guo/wechat.git
  revision: cfff2da8cd17fa0b2c20c4ecffc4290eb883350b
  branch: main
  specs:
    wechat (0.17.7)
      activesupport (>= 6.0, < 9)
      http (>= 1.0.4, < 6)
      nokogiri (>= 1.6.0)
      ostruct
      rexml
      thor
      zeitwerk (~> 2.4)

GEM
  remote: https://rubygems.org/
  specs:
    action-store (1.1.3)
      rails (>= 5.2)
    actioncable (7.1.5.1)
      actionpack (= 7.1.5.1)
      activesupport (= 7.1.5.1)
      nio4r (~> 2.0)
      websocket-driver (>= 0.6.1)
      zeitwerk (~> 2.6)
    actionmailbox (7.1.5.1)
      actionpack (= 7.1.5.1)
      activejob (= 7.1.5.1)
      activerecord (= 7.1.5.1)
      activestorage (= 7.1.5.1)
      activesupport (= 7.1.5.1)
      mail (>= 2.7.1)
      net-imap
      net-pop
      net-smtp
    actionmailer (7.1.5.1)
      actionpack (= 7.1.5.1)
      actionview (= 7.1.5.1)
      activejob (= 7.1.5.1)
      activesupport (= 7.1.5.1)
      mail (~> 2.5, >= 2.5.4)
      net-imap
      net-pop
      net-smtp
      rails-dom-testing (~> 2.2)
    actionpack (7.1.5.1)
      actionview (= 7.1.5.1)
      activesupport (= 7.1.5.1)
      nokogiri (>= 1.8.5)
      racc
      rack (>= 2.2.4)
      rack-session (>= 1.0.1)
      rack-test (>= 0.6.3)
      rails-dom-testing (~> 2.2)
      rails-html-sanitizer (~> 1.6)
    actiontext (7.1.5.1)
      actionpack (= 7.1.5.1)
      activerecord (= 7.1.5.1)
      activestorage (= 7.1.5.1)
      activesupport (= 7.1.5.1)
      globalid (>= 0.6.0)
      nokogiri (>= 1.8.5)
    actionview (7.1.5.1)
      activesupport (= 7.1.5.1)
      builder (~> 3.1)
      erubi (~> 1.11)
      rails-dom-testing (~> 2.2)
      rails-html-sanitizer (~> 1.6)
    activejob (7.1.5.1)
      activesupport (= 7.1.5.1)
      globalid (>= 0.3.6)
    activemodel (7.1.5.1)
      activesupport (= 7.1.5.1)
    activerecord (7.1.5.1)
      activemodel (= 7.1.5.1)
      activesupport (= 7.1.5.1)
      timeout (>= 0.4.0)
    activestorage (7.1.5.1)
      actionpack (= 7.1.5.1)
      activejob (= 7.1.5.1)
      activerecord (= 7.1.5.1)
      activesupport (= 7.1.5.1)
      marcel (~> 1.0)
    activesupport (7.1.5.1)
      base64
      benchmark (>= 0.3)
      bigdecimal
      concurrent-ruby (~> 1.0, >= 1.0.2)
      connection_pool (>= 2.2.5)
      drb
      i18n (>= 1.6, < 2)
      logger (>= 1.4.2)
      minitest (>= 5.1)
      mutex_m
      securerandom (>= 0.3)
      tzinfo (~> 2.0)
    addressable (2.8.7)
      public_suffix (>= 2.0.2, < 7.0)
    airbrussh (1.5.3)
      sshkit (>= 1.6.1, != 1.7.0)
    aliyun-sdk (0.8.0)
      nokogiri (~> 1.6)
      rest-client (~> 2.0)
    ast (2.4.2)
    autocorrect-rb (2.13.0-arm64-darwin)
      rb_sys (>= 0.9.54)
    autocorrect-rb (2.13.0-x86_64-linux)
      rb_sys (>= 0.9.54)
    base64 (0.2.0)
    bcrypt (3.1.20)
    bcrypt_pbkdf (1.1.1)
    benchmark (0.4.0)
    benchmark-ips (2.14.0)
    bigdecimal (3.1.9)
    bootsnap (1.18.4)
      msgpack (~> 1.2)
    builder (3.3.0)
    byebug (11.1.3)
    cancancan (3.6.1)
    capistrano (3.19.2)
      airbrussh (>= 1.0.0)
      i18n
      rake (>= 10.0.0)
      sshkit (>= 1.9.0)
    capistrano-bundler (2.1.1)
      capistrano (~> 3.1)
    capistrano-rails (1.7.0)
      capistrano (~> 3.1)
      capistrano-bundler (>= 1.1, < 3)
    capistrano-rbenv (2.2.0)
      capistrano (~> 3.1)
      sshkit (~> 1.3)
    capistrano-sidekiq (3.0.0)
      capistrano (>= 3.9.0)
      capistrano-bundler
      sidekiq (>= 6.0.6)
    capistrano3-puma (6.0.0)
      capistrano (~> 3.7)
      capistrano-bundler
      puma (>= 5.1, < 7.0)
    carrierwave (2.2.6)
      activemodel (>= 5.0.0)
      activesupport (>= 5.0.0)
      addressable (~> 2.6)
      image_processing (~> 1.1)
      marcel (~> 1.0.0)
      mini_mime (>= 0.1.3)
      ssrf_filter (~> 1.0)
    carrierwave-aliyun (1.2.3)
      aliyun-sdk (>= 0.7.0)
      carrierwave (>= 1)
    carrierwave-qiniu (1.2.2)
      carrierwave (>= 1)
      qiniu (~> 6.9, >= 6.9.0)
    carrierwave-upyun (2.0.0)
      carrierwave (>= 1.0.0)
      faraday (>= 2.0)
    childprocess (5.1.0)
      logger (~> 1.5)
    coffee-rails (5.0.0)
      coffee-script (>= 2.2.0)
      railties (>= 5.2.0)
    coffee-script (2.4.1)
      coffee-script-source
      execjs
    coffee-script-source (1.12.2)
    concurrent-ruby (1.3.5)
    connection_pool (2.5.0)
    crass (1.0.6)
    cronex (0.15.0)
      tzinfo
      unicode (>= 0.4.4.5)
    dalli (3.2.8)
    date (3.4.1)
    derailed_benchmarks (2.2.1)
      base64
      benchmark-ips (~> 2)
      bigdecimal
      drb
      get_process_mem
      heapy (~> 0)
      logger
      memory_profiler (>= 0, < 2)
      mini_histogram (>= 0.3.0)
      mutex_m
      ostruct
      rack (>= 1)
      rack-test
      rake (> 10, < 14)
      ruby-statistics (>= 4.0.1)
      ruby2_keywords
      thor (>= 0.19, < 2)
    devise (4.9.4)
      bcrypt (~> 3.0)
      orm_adapter (~> 0.1)
      railties (>= 4.1.0)
      responders
      warden (~> 1.2.3)
    devise-encryptable (0.2.0)
      devise (>= 2.1.0)
    domain_name (0.6.20240107)
    doorkeeper (5.8.1)
      railties (>= 5)
    doorkeeper-i18n (5.2.7)
      doorkeeper (>= 5.2)
    dotenv (3.1.7)
    dotenv-rails (3.1.7)
      dotenv (= 3.1.7)
      railties (>= 6.1)
    drb (2.2.1)
    ed25519 (1.3.0)
    enumize (0.2.1)
      rails (>= 5.0.0)
    erubi (1.13.1)
    et-orbi (1.2.11)
      tzinfo
    exception-track (1.3.0)
      kaminari (>= 0.15)
      rails (>= 5.2)
    execjs (2.10.0)
    factory_bot (6.5.1)
      activesupport (>= 6.1.0)
    factory_bot_rails (6.4.4)
      factory_bot (~> 6.5)
      railties (>= 5.0.0)
    faker (3.5.1)
      i18n (>= 1.8.11, < 2)
    faraday (2.12.2)
      faraday-net_http (>= 2.0, < 3.5)
      json
      logger
    faraday-net_http (3.4.0)
      net-http (>= 0.5.0)
    faraday-rack (2.0.0)
      faraday (~> 2.0)
    ffi (1.16.3)
    ffi-compiler (1.3.2)
      ffi (>= 1.15.5)
      rake
    form-select (0.3.2)
      rails (>= 4.2)
    fugit (1.11.1)
      et-orbi (~> 1, >= 1.2.11)
      raabro (~> 1.4)
    get_process_mem (1.0.0)
      bigdecimal (>= 2.0)
      ffi (~> 1.0)
    globalid (1.2.1)
      activesupport (>= 6.1)
    hashie (5.0.0)
    heapy (0.2.0)
      thor
    html-pipeline (2.14.3)
      activesupport (>= 2)
      nokogiri (>= 1.4)
    html-pipeline-auto-correct (0.2.0)
      autocorrect-rb (>= 2.1.2)
      html-pipeline (>= 2.0)
    http (5.2.0)
      addressable (~> 2.8)
      base64 (~> 0.1)
      http-cookie (~> 1.0)
      http-form_data (~> 2.2)
      llhttp-ffi (~> 0.5.0)
    http-accept (1.7.0)
    http-cookie (1.0.8)
      domain_name (~> 0.5)
    http-form_data (2.3.0)
    http_accept_language (2.1.1)
    i18n (1.14.7)
      concurrent-ruby (~> 1.0)
    image_processing (1.14.0)
      mini_magick (>= 4.9.5, < 6)
      ruby-vips (>= 2.0.17, < 3)
    io-console (0.8.0)
    irb (1.15.1)
      pp (>= 0.6.0)
      rdoc (>= 4.0.0)
      reline (>= 0.4.2)
    jbuilder (2.13.0)
      actionview (>= 5.0.0)
      activesupport (>= 5.0.0)
    jieba-rb (5.0.0)
    json (2.10.2)
    jwt (2.10.1)
      base64
    kaminari (1.2.2)
      activesupport (>= 4.1.0)
      kaminari-actionview (= 1.2.2)
      kaminari-activerecord (= 1.2.2)
      kaminari-core (= 1.2.2)
    kaminari-actionview (1.2.2)
      actionview
      kaminari-core (= 1.2.2)
    kaminari-activerecord (1.2.2)
      activerecord
      kaminari-core (= 1.2.2)
    kaminari-core (1.2.2)
    language_server-protocol (3.17.0.4)
    launchy (3.1.1)
      addressable (~> 2.8)
      childprocess (~> 5.0)
      logger (~> 1.6)
    letter_opener (1.10.0)
      launchy (>= 2.2, < 4)
    lint_roller (1.1.0)
    listen (3.9.0)
      rb-fsevent (~> 0.10, >= 0.10.3)
      rb-inotify (~> 0.9, >= 0.9.10)
    llhttp-ffi (0.5.1)
      ffi-compiler (~> 1.0)
      rake (~> 13.0)
    logger (1.6.6)
    loofah (2.24.0)
      crass (~> 1.0.2)
      nokogiri (>= 1.12.0)
    mail (2.8.1)
      mini_mime (>= 0.1.1)
      net-imap
      net-pop
      net-smtp
    marcel (1.0.4)
    memory_profiler (1.1.0)
    method_source (1.1.0)
    mime-types (3.6.1)
      logger
      mime-types-data (~> 3.2015)
    mime-types-data (3.2025.0318)
    mini_histogram (0.3.1)
    mini_magick (5.2.0)
      benchmark
      logger
    mini_mime (1.1.5)
    minitest (5.25.5)
    minitest-spec-rails (7.4.1)
      minitest (>= 5.0)
      railties (>= 4.1)
    mocha (2.7.1)
      ruby2_keywords (>= 0.0.5)
    msgpack (1.8.0)
    multi_xml (0.6.0)
    mutex_m (0.3.0)
    net-http (0.6.0)
      uri
    net-imap (0.5.6)
      date
      net-protocol
    net-pop (0.1.2)
      net-protocol
    net-protocol (0.2.2)
      timeout
    net-scp (4.1.0)
      net-ssh (>= 2.6.5, < 8.0.0)
    net-sftp (4.0.0)
      net-ssh (>= 5.0.0, < 8.0.0)
    net-smtp (0.5.1)
      net-protocol
    net-ssh (7.3.0)
    netrc (0.11.0)
    nio4r (2.7.4)
    nokogiri (1.17.2-arm64-darwin)
      racc (~> 1.4)
    nokogiri (1.17.2-x86_64-linux)
      racc (~> 1.4)
    notifications (1.1.0)
      kaminari (>= 0.15)
      rails (>= 5.2)
    oauth (1.1.0)
      oauth-tty (~> 1.0, >= 1.0.1)
      snaky_hash (~> 2.0)
      version_gem (~> 1.1)
    oauth-tty (1.0.5)
      version_gem (~> 1.1, >= 1.1.1)
    oauth2 (2.0.9)
      faraday (>= 0.17.3, < 3.0)
      jwt (>= 1.0, < 3.0)
      multi_xml (~> 0.5)
      rack (>= 1.2, < 4)
      snaky_hash (~> 2.0)
      version_gem (~> 1.1)
    omniauth (2.1.3)
      hashie (>= 3.4.6)
      rack (>= 2.2.3)
      rack-protection
    omniauth-github (2.0.1)
      omniauth (~> 2.0)
      omniauth-oauth2 (~> 1.8)
    omniauth-oauth (1.2.1)
      oauth
      omniauth (>= 1.0, < 3)
      rack (>= 1.6.2, < 4)
    omniauth-oauth2 (1.8.0)
      oauth2 (>= 1.4, < 3)
      omniauth (~> 2.0)
    omniauth-rails_csrf_protection (1.0.2)
      actionpack (>= 4.2)
      omniauth (~> 2.0)
    omniauth-twitter (1.4.0)
      omniauth-oauth (~> 1.1)
      rack
    omniauth-wechat-oauth2 (0.2.3)
      omniauth-oauth2 (>= 1.7.3)
    orm_adapter (0.5.0)
    ostruct (0.6.1)
    package_json (0.1.0)
    parallel (1.26.3)
    parser (3.3.7.1)
      ast (~> 2.4.1)
      racc
    pg (1.5.9)
    pghero (3.6.1)
      activerecord (>= 6.1)
    postmark (1.25.1)
      json
    postmark-rails (0.22.1)
      actionmailer (>= 3.0.0)
      postmark (>= 1.21.3, < 2.0)
    pp (0.6.2)
      prettyprint
    prettyprint (0.2.0)
    psych (5.2.3)
      date
      stringio
    public_suffix (6.0.1)
    puma (5.6.9)
      nio4r (~> 2.0)
    puma_worker_killer (1.0.0)
      bigdecimal (>= 2.0)
      get_process_mem (>= 0.2)
      puma (>= 2.7)
    qiniu (6.9.1)
      mime-types (~> 3.1)
      rest-client (~> 2.0)
      rexml (~> 3.2)
    raabro (1.4.0)
    racc (1.8.1)
    rack (2.2.13)
    rack-attack (6.7.0)
      rack (>= 1.0, < 4)
    rack-cors (2.0.2)
      rack (>= 2.0.0)
    rack-protection (3.2.0)
      base64 (>= 0.1.0)
      rack (~> 2.2, >= 2.2.4)
    rack-proxy (0.7.7)
      rack
    rack-session (1.0.2)
      rack (< 3)
    rack-test (2.2.0)
      rack (>= 1.3)
    rackup (1.0.1)
      rack (< 3)
      webrick
    rails (7.1.5.1)
      actioncable (= 7.1.5.1)
      actionmailbox (= 7.1.5.1)
      actionmailer (= 7.1.5.1)
      actionpack (= 7.1.5.1)
      actiontext (= 7.1.5.1)
      actionview (= 7.1.5.1)
      activejob (= 7.1.5.1)
      activemodel (= 7.1.5.1)
      activerecord (= 7.1.5.1)
      activestorage (= 7.1.5.1)
      activesupport (= 7.1.5.1)
      bundler (>= 1.15.0)
      railties (= 7.1.5.1)
    rails-dom-testing (2.2.0)
      activesupport (>= 5.0.0)
      minitest
      nokogiri (>= 1.6)
    rails-html-sanitizer (1.6.2)
      loofah (~> 2.21)
      nokogiri (>= 1.15.7, != 1.16.7, != 1.16.6, != 1.16.5, != 1.16.4, != 1.16.3, != 1.16.2, != 1.16.1, != 1.16.0.rc1, != 1.16.0)
    rails-i18n (7.0.10)
      i18n (>= 0.7, < 2)
      railties (>= 6.0.0, < 8)
    rails-settings-cached (2.9.6)
      activerecord (>= 5.0.0)
      railties (>= 5.0.0)
    rails_autolink (1.1.8)
      actionview (> 3.1)
      activesupport (> 3.1)
      railties (> 3.1)
    railties (7.1.5.1)
      actionpack (= 7.1.5.1)
      activesupport (= 7.1.5.1)
      irb
      rackup (>= 1.0.0)
      rake (>= 12.2)
      thor (~> 1.0, >= 1.2.2)
      zeitwerk (~> 2.6)
    rainbow (3.1.1)
    rake (13.2.1)
    rb-fsevent (0.11.2)
    rb-inotify (0.11.1)
      ffi (~> 1.0)
    rb_sys (0.9.108)
    rdoc (6.12.0)
      psych (>= 4.0.0)
    recaptcha (5.19.0)
    redcarpet (3.6.1)
    redis (4.8.1)
    regexp_parser (2.10.0)
    reline (0.5.12)
      io-console (~> 0.5)
    responders (3.1.1)
      actionpack (>= 5.2)
      railties (>= 5.2)
    rest-client (2.1.0)
      http-accept (>= 1.7.0, < 2.0)
      http-cookie (>= 1.0.2, < 2.0)
      mime-types (>= 1.16, < 4.0)
      netrc (~> 0.8)
    rexml (3.4.1)
    rouge (4.5.1)
    rubocop (1.73.2)
      json (~> 2.3)
      language_server-protocol (~> 3.17.0.2)
      lint_roller (~> 1.1.0)
      parallel (~> 1.10)
      parser (>= 3.3.0.2)
      rainbow (>= 2.2.2, < 4.0)
      regexp_parser (>= 2.9.3, < 3.0)
      rubocop-ast (>= 1.38.0, < 2.0)
      ruby-progressbar (~> 1.7)
      unicode-display_width (>= 2.4.0, < 4.0)
    rubocop-ast (1.40.0)
      parser (>= 3.3.1.0)
    rubocop-performance (1.24.0)
      lint_roller (~> 1.1)
      rubocop (>= 1.72.1, < 2.0)
      rubocop-ast (>= 1.38.0, < 2.0)
    ruby-progressbar (1.13.0)
    ruby-push-notifications (1.3.0)
      builder (~> 3.0)
    ruby-statistics (4.1.0)
    ruby-vips (2.2.3)
      ffi (~> 1.12)
      logger
    ruby2_keywords (0.0.5)
    rucaptcha (3.1.2-arm64-darwin)
      railties (>= 3.2)
      rb_sys (>= 0.9.18)
    rucaptcha (3.1.2-x86_64-linux)
      railties (>= 3.2)
      rb_sys (>= 0.9.18)
    sass-rails (6.0.0)
      sassc-rails (~> 2.1, >= 2.1.1)
    sassc (2.4.0)
      ffi (~> 1.9)
    sassc-rails (2.1.2)
      railties (>= 4.0.0)
      sassc (>= 2.0)
      sprockets (> 3.0)
      sprockets-rails
      tilt
    second_level_cache (2.7.1)
      activerecord (>= 6.0)
      activesupport (>= 6.0)
    securerandom (0.4.1)
    semantic_range (3.1.0)
    shakapacker (8.2.0)
      activesupport (>= 5.2)
      package_json
      rack-proxy (>= 0.6.1)
      railties (>= 5.2)
      semantic_range (>= 2.3.0)
    sidekiq (6.5.12)
      connection_pool (>= 2.2.5, < 3)
      rack (~> 2.0)
      redis (>= 4.5.0, < 5)
    sidekiq-cron (2.1.0)
      cronex (>= 0.13.0)
      fugit (~> 1.8, >= 1.11.1)
      globalid (>= 1.0.1)
      sidekiq (>= 6.5.0)
    snaky_hash (2.0.1)
      hashie
      version_gem (~> 1.1, >= 1.1.1)
    social-share-button (1.2.4)
      coffee-rails
    spring (4.3.0)
    sprockets (4.2.1)
      concurrent-ruby (~> 1.0)
      rack (>= 2.2.4, < 4)
    sprockets-rails (3.5.2)
      actionpack (>= 6.1)
      activesupport (>= 6.1)
      sprockets (>= 3.0.0)
    sshkit (1.24.0)
      base64
      logger
      net-scp (>= 1.1.2)
      net-sftp (>= 2.1.2)
      net-ssh (>= 2.8.0)
      ostruct
    ssrf_filter (1.2.0)
    standard (1.47.0)
      language_server-protocol (~> 3.17.0.2)
      lint_roller (~> 1.0)
      rubocop (~> 1.73.0)
      standard-custom (~> 1.0.0)
      standard-performance (~> 1.7)
    standard-custom (1.0.2)
      lint_roller (~> 1.0)
      rubocop (~> 1.50)
    standard-performance (1.7.0)
      lint_roller (~> 1.1)
      rubocop-performance (~> 1.24.0)
    stringio (3.1.5)
    thor (1.3.2)
    tilt (2.6.0)
    timeout (0.4.3)
    turbolinks (5.2.1)
      turbolinks-source (~> 5.2)
    turbolinks-source (5.2.0)
    twemoji (3.1.8)
      nokogiri (~> 1.6)
    tzinfo (2.0.6)
      concurrent-ruby (~> 1.0)
    uglifier (4.2.1)
      execjs (>= 0.3.0, < 3)
    unicode (0.4.4.5)
    unicode-display_width (3.1.4)
      unicode-emoji (~> 4.0, >= 4.0.4)
    unicode-emoji (4.0.4)
    uri (0.13.1)
    version_gem (1.1.6)
    view_component (2.83.0)
      activesupport (>= 5.2.0, < 8.0)
      concurrent-ruby (~> 1.0)
      method_source (~> 1.0)
    warden (1.2.9)
      rack (>= 2.0.9)
    webrick (1.9.1)
    websocket-driver (0.7.7)
      base64
      websocket-extensions (>= 0.1.0)
    websocket-extensions (0.1.5)
    zeitwerk (2.6.18)

PLATFORMS
  arm64-darwin-22
  arm64-darwin-23
  arm64-darwin-24
  x86_64-linux

DEPENDENCIES
  action-store
  autocorrect-rb
  bcrypt_pbkdf
  bootsnap
  byebug
  cancancan
  capistrano
  capistrano-rails
  capistrano-rbenv
  capistrano-sidekiq
  capistrano3-puma
  carrierwave (~> 2.2)
  carrierwave-aliyun
  carrierwave-qiniu
  carrierwave-upyun
  connection_pool
  dalli
  derailed_benchmarks
  devise
  devise-encryptable
  doorkeeper
  doorkeeper-i18n
  dotenv-rails
  ed25519
  enumize
  exception-track
  factory_bot_rails
  faker
  faraday-rack
  ffi (~> 1.16.0)
  form-select
  html-pipeline (~> 2.14)
  html-pipeline-auto-correct
  http_accept_language
  jbuilder
  jieba-rb
  kaminari
  letter_opener
  listen
  mini_magick
  minitest-spec-rails
  mocha
  multi_xml (~> 0.6.0)
  notifications
  omniauth
  omniauth-github
  omniauth-rails_csrf_protection
  omniauth-twitter
  omniauth-wechat-oauth2
  pg
  pghero
  postmark
  postmark-rails
  puma (< 6)
  puma_worker_killer
  qiniu
  rack (~> 2.2)
  rack-attack
  rack-cors
  rails (~> 7.1.3)
  rails-i18n
  rails-settings-cached
  rails_autolink
  recaptcha
  redcarpet
  redis
  rouge
  ruby-push-notifications
  rucaptcha
  sass-rails
  second_level_cache
  shakapacker (~> 8.0)
  sidekiq (~> 6.5.12)
  sidekiq-cron
  social-share-button
  spring
  standard
  turbolinks
  twemoji
  uglifier
  view_component (~> 2.83)
  wechat!

RUBY VERSION
   ruby 3.3.2p78

BUNDLED WITH
   2.6.6
